GEM
  remote: http://rubygems.org/
  specs:
    daemons (1.1.9)
    dotenv (1.0.2)
    eventmachine (1.0.3)
    foreman (0.76.0)
      dotenv (~> 1.0.2)
      thor (~> 0.19.1)
    rack (1.5.2)
    rack-protection (1.5.3)
      rack
    rinruby (2.0.3)
    sinatra (1.4.5)
      rack (~> 1.4)
      rack-protection (~> 1.4)
      tilt (~> 1.3, >= 1.3.4)
    thin (1.6.3)
      daemons (~> 1.0, >= 1.0.9)
      eventmachine (~> 1.0)
      rack (~> 1.0)
    thor (0.19.1)
    tilt (1.4.1)

PLATFORMS
  ruby

DEPENDENCIES
  bundler
  foreman
  rinruby
  sinatra
  thin
